GEM
  specs:
    activesupport (3.2.9)
      i18n (~> 0.6)
      multi_json (~> 1.0)
    bson (1.8.0)
      activesupport
    foreman (0.60.2)
      thor (>= 0.13.6)
    hiredis (0.4.5)
    i18n (0.6.1)
    mongo (1.8.0)
      bson (~> 1.8.0)
    multi_json (1.5.0)
    redis (3.0.2)
    thor (0.16.0)

PLATFORMS
  ruby

DEPENDENCIES
  foreman
  hiredis
  mongo
  redis
